PATH
  remote: .
  specs:
    imgurr (0.0.3)
      json (~> 1.7.0)

GEM
  remote: http://rubygems.org/
  specs:
    json (1.7.7)
    rake (0.9.6)

PLATFORMS
  ruby

DEPENDENCIES
  imgurr!
  rake (~> 0.9.2)
