PATH
  remote: .
  specs:
    imgurr (0.1.2)
      json

GEM
  remote: http://rubygems.org/
  specs:
    json (1.8.1)
    rake (0.9.6)

PLATFORMS
  ruby

DEPENDENCIES
  imgurr!
  rake (~> 0.9.2)
