PATH
  remote: .
  specs:
    imgurr (0.0.1)
      json (~> 1.7.0)

GEM
  remote: http://rubygems.org/
  specs:
    json (1.7.7)

PLATFORMS
  ruby

DEPENDENCIES
  imgurr!
